GIT
  remote: git://github.com/sinatra/sinatra.git
  revision: 5f6168bfc92280892e819df524d4508cf9032f6d
  specs:
    sinatra (1.4.5)
      rack (~> 1.4)
      rack-protection (~> 1.4)
      tilt (>= 1.3, < 3)

GEM
  remote: https://rubygems.org/
  specs:
    daemons (1.1.9)
    eventmachine (1.0.4)
    json (1.8.2)
    mime-types (2.4.3)
    mini_portile (0.6.2)
    multi_json (1.10.1)
    netrc (0.10.2)
    nokogiri (1.6.5)
      mini_portile (~> 0.6.0)
    pg (0.18.1)
    rack (1.6.0)
    rack-protection (1.5.3)
      rack
    rest-client (1.7.2)
      mime-types (>= 1.16, < 3.0)
      netrc (~> 0.7)
    sequel (4.18.0)
    sinatra-jsonp (0.4.3)
      multi_json (~> 1.8)
      sinatra (~> 1.0)
    thin (1.6.3)
      daemons (~> 1.0, >= 1.0.9)
      eventmachine (~> 1.0)
      rack (~> 1.0)
    tilt (2.0.1)
    trollop (2.1.1)

PLATFORMS
  ruby

DEPENDENCIES
  bundler (= 1.7.12)
  json (~> 1.8.2)
  nokogiri (~> 1.6.5)
  pg (~> 0.18.1)
  rest-client (~> 1.7.2)
  sequel (~> 4.18.0)
  sinatra!
  sinatra-jsonp (~> 0.4.3)
  thin (~> 1.6.3)
  trollop (~> 2.1.1)
