GEM
  remote: http://rubygems.org/
  specs:
    daemons (1.1.9)
    eventmachine (1.0.0)
    json (1.7.6)
    mime-types (1.19)
    multi_json (1.3.7)
    nokogiri (1.5.6)
    pg (0.14.1)
    rack (1.4.1)
    rack-protection (1.3.1)
      rack
    rest-client (1.6.7)
      mime-types (>= 1.16)
    sequel (3.43.0)
    sinatra (1.3.3)
      rack (~> 1.3, >= 1.3.6)
      rack-protection (~> 1.2)
      tilt (~> 1.3, >= 1.3.3)
    sinatra-jsonp (0.4.1)
      multi_json (~> 1.3.7)
      sinatra (~> 1.0)
    thin (1.5.0)
      daemons (>= 1.0.9)
      eventmachine (>= 0.12.6)
      rack (>= 1.0.0)
    tilt (1.3.3)
    trollop (2.0)

PLATFORMS
  ruby

DEPENDENCIES
  bundler (= 1.2.3)
  json (~> 1.7.6)
  nokogiri (~> 1.5.6)
  pg (~> 0.14.1)
  rest-client (~> 1.6.7)
  sequel (~> 3.43.0)
  sinatra (~> 1.3.3)
  sinatra-jsonp (~> 0.4.1)
  thin (~> 1.5.0)
  trollop (~> 2.0)
